GIT
  remote: git://github.com/vanpattenmedia/vpmframe-gem.git
  revision: 58b65f0b6eae51d11dd1b4a7f64a81aed020e63e
  specs:
    vpmframe (0.7.1)

GEM
  remote: https://www.rubygems.org/
  specs:
    breakpoint (2.4.2)
      sass (~> 3.3.0)
      sassy-maps (< 1.0.0)
    capistrano (3.2.1)
      i18n
      rake (>= 10.0.0)
      sshkit (~> 1.3)
    chunky_png (1.3.1)
    colorize (0.7.3)
    compass (1.0.0.alpha.20)
      chunky_png (~> 1.2)
      compass-core (~> 1.0.0.alpha.20)
      compass-import-once (~> 1.0.4)
      rb-fsevent (>= 0.9.3)
      rb-inotify (>= 0.9)
      sass (>= 3.3.0, < 3.5)
    compass-core (1.0.0.alpha.20)
      multi_json (~> 1.0)
      sass (>= 3.3.0, < 3.5)
    compass-import-once (1.0.4)
      sass (>= 3.2, < 3.5)
    compass-normalize (1.5)
      compass (>= 0.12.0)
    compass-rgbapng (0.2.1)
      chunky_png (>= 0.8.0)
      compass (>= 0.10.0)
    ffi (1.9.3)
    i18n (0.6.9)
    multi_json (1.10.1)
    net-scp (1.2.1)
      net-ssh (>= 2.6.5)
    net-ssh (2.9.1)
    oily_png (1.1.1)
      chunky_png (~> 1.3.0)
    rake (10.3.2)
    rb-fsevent (0.9.4)
    rb-inotify (0.9.5)
      ffi (>= 0.5.0)
    sass (3.3.9)
    sass-globbing (1.1.1)
      sass (>= 3.1)
    sassy-maps (0.4.0)
      sass (~> 3.3)
    sshkit (1.5.1)
      colorize
      net-scp (>= 1.1.2)
      net-ssh (>= 2.8.0)
    susy (2.1.2)
      sass (~> 3.3.0)

PLATFORMS
  ruby

DEPENDENCIES
  breakpoint
  capistrano
  compass (~> 1.0.0.alpha.19)
  compass-normalize
  compass-rgbapng
  oily_png
  sass (>= 3.3.0)
  sass-globbing
  susy
  vpmframe!
